GEM
  remote: http://rubygems.org/
  specs:
    celluloid (0.16.0)
      timers (~> 4.0.0)
    colorator (1.1.0)
    ffi (1.9.8)
    forwardable-extended (2.6.0)
    hitimes (1.2.2)
    jekyll (3.2.1)
      colorator (~> 1.0)
      jekyll-sass-converter (~> 1.0)
      jekyll-watch (~> 1.1)
      kramdown (~> 1.3)
      liquid (~> 3.0)
      mercenary (~> 0.3.3)
      pathutil (~> 0.9)
      rouge (~> 1.7)
      safe_yaml (~> 1.0)
    jekyll-paginate (1.1.0)
    jekyll-sass-converter (1.4.0)
      sass (~> 3.4)
    jekyll-seo-tag (2.0.0)
      jekyll (~> 3.1)
    jekyll-watch (1.2.1)
      listen (~> 2.7)
    kramdown (1.6.0)
    liquid (3.0.6)
    listen (2.10.0)
      celluloid (~> 0.16.0)
      rb-fsevent (>= 0.9.3)
      rb-inotify (>= 0.9)
    mercenary (0.3.6)
    pathutil (0.14.0)
      forwardable-extended (~> 2.6)
    rb-fsevent (0.9.4)
    rb-inotify (0.9.7)
      ffi (>= 0.5.0)
    rouge (1.11.1)
    safe_yaml (1.0.4)
    sass (3.4.22)
    timers (4.0.1)
      hitimes

PLATFORMS
  ruby

DEPENDENCIES
  jekyll-paginate
  jekyll-seo-tag
  jekyll-watch
  kramdown
  rouge

BUNDLED WITH
   1.12.5
