GEM
  remote: http://rubygems.org/
  specs:
    celluloid (0.16.0)
      timers (~> 4.0.0)
    ffi (1.9.8)
    hitimes (1.2.2)
    jekyll-paginate (1.1.0)
    jekyll-watch (1.2.1)
      listen (~> 2.7)
    kramdown (1.6.0)
    listen (2.10.0)
      celluloid (~> 0.16.0)
      rb-fsevent (>= 0.9.3)
      rb-inotify (>= 0.9)
    rb-fsevent (0.9.4)
    rb-inotify (0.9.7)
      ffi (>= 0.5.0)
    rouge (1.11.1)
    timers (4.0.1)
      hitimes

PLATFORMS
  ruby

DEPENDENCIES
  jekyll-paginate
  jekyll-watch
  kramdown
  rouge

BUNDLED WITH
   1.12.5
